GEM
  remote: https://rubygems.org/
  specs:
    mini_portile (0.6.2)
    nokogiri (1.6.6.1)
      mini_portile (~> 0.6.0)
    redcarpet (3.2.2)

PLATFORMS
  ruby

DEPENDENCIES
  nokogiri
  redcarpet
